GEM
  remote: https://rubygems.org/
  specs:
    byebug (11.1.3)
    lazy_priority_queue (0.1.1)
    rgl (0.5.6)
      lazy_priority_queue (~> 0.1.0)
      stream (~> 0.5.2)
    stream (0.5.2)

PLATFORMS
  ruby

DEPENDENCIES
  byebug
  rgl

BUNDLED WITH
   1.17.3
